GIT
  remote: git://github.com/jgamsan/spree_addings_for_rodaben.git
  revision: 491227b377c7877e9117c412d67f0d06a1ad5da5
  specs:
    spree_addings_for_rodaben (1.1.2)
      spree_core (>= 1.0.0)

GIT
  remote: git://github.com/jgamsan/spree_contact_us.git
  revision: ce9c460c0e7fd01837854dcef7a154ee866ad52b
  specs:
    spree_contact_us (1.1.0)
      spree_core (>= 1.0.0)

GIT
  remote: git://github.com/jgamsan/spree_cycle.git
  revision: ee005ed9198b50a5d8cbafdce6e0e26ac86486d8
  specs:
    spree_cycle (1.1.1)
      spree_core (>= 1.0.0)

GIT
  remote: git://github.com/jgamsan/spree_i18n.git
  revision: c0f0e9b98245a05662f393a9f98599b5b93155be
  specs:
    spree_i18n (1.0.0)
      i18n (~> 0.5)
      spree (>= 1.0.0)

GIT
  remote: git://github.com/jgamsan/spree_load_tires_for_rodaben.git
  revision: f420b968edd213a3172b08477e120ed849bbac78
  specs:
    spree_load_tires_for_rodaben (1.1.2)
      mechanize
      spree_core (>= 1.0.0)

GIT
  remote: git://github.com/jgamsan/spree_search_rodaben.git
  revision: 3dd010c83ea2cbaa8a4b16b081c58ba9fa32da98
  specs:
    spree_search_rodaben (1.1.1)
      spree_core (>= 1.0.0)

GIT
  remote: git://github.com/jgamsan/spree_suppliers.git
  revision: 70469265b38985d843ff193baef6cb47a368e4e1
  specs:
    spree_suppliers (1.1.3)
      spree_core (>= 1.1.3)

GIT
  remote: git://github.com/spree/spree_auth_devise
  revision: 154365f20cc21e497e68b37251cf2e11fc7f1079
  specs:
    spree_auth_devise (1.0.0)
      cancan (= 1.6.7)
      devise (~> 2.0.4)
      spree_core

GIT
  remote: git://github.com/spree/spree_paypal_express.git
  revision: 28c925e1f1aaf637cf7143bd89a012a926468df4
  specs:
    spree_paypal_express (1.2.0)
      spree_core (~> 1.2)

GEM
  remote: https://rubygems.org/
  specs:
    actionmailer (3.2.8)
      actionpack (= 3.2.8)
      mail (~> 2.4.4)
    actionpack (3.2.8)
      activemodel (= 3.2.8)
      activesupport (= 3.2.8)
      builder (~> 3.0.0)
      erubis (~> 2.7.0)
      journey (~> 1.0.4)
      rack (~> 1.4.0)
      rack-cache (~> 1.2)
      rack-test (~> 0.6.1)
      sprockets (~> 2.1.3)
    active_utils (1.0.5)
      activesupport (>= 2.3.11)
      i18n
    activemerchant (1.28.0)
      active_utils (>= 1.0.2)
      activesupport (>= 2.3.11)
      builder (>= 2.0.0)
      i18n
      json (>= 1.5.1)
      money
      nokogiri
    activemodel (3.2.8)
      activesupport (= 3.2.8)
      builder (~> 3.0.0)
    activerecord (3.2.8)
      activemodel (= 3.2.8)
      activesupport (= 3.2.8)
      arel (~> 3.0.2)
      tzinfo (~> 0.3.29)
    activeresource (3.2.8)
      activemodel (= 3.2.8)
      activesupport (= 3.2.8)
    activesupport (3.2.8)
      i18n (~> 0.6)
      multi_json (~> 1.0)
    acts_as_list (0.1.4)
    akami (1.2.0)
      gyoku (>= 0.4.0)
      nokogiri (>= 1.4.0)
    arel (3.0.2)
    awesome_print (1.0.2)
    aws-sdk (1.3.9)
      httparty (~> 0.7)
      json (~> 1.4)
      nokogiri (>= 1.4.4)
      uuidtools (~> 2.1)
    bcrypt-ruby (3.0.1)
    boson (1.1.1)
    builder (3.0.3)
    bullet (4.1.6)
      uniform_notifier (~> 1.0.0)
    cancan (1.6.7)
    capistrano (2.13.4)
      highline
      net-scp (>= 1.0.0)
      net-sftp (>= 2.0.0)
      net-ssh (>= 2.0.14)
      net-ssh-gateway (>= 1.1.0)
    capistrano-unicorn (0.1.6)
      capistrano
    chronic (0.6.7)
    clipboard (1.0.1)
    cocaine (0.3.1)
    coderay (1.0.7)
    coffee-rails (3.2.2)
      coffee-script (>= 2.2.0)
      railties (~> 3.2.0)
    coffee-script (2.2.0)
      coffee-script-source
      execjs
    coffee-script-source (1.3.3)
    deface (0.9.1)
      nokogiri (~> 1.5.0)
      rails (~> 3.1)
    devise (2.0.4)
      bcrypt-ruby (~> 3.0)
      orm_adapter (~> 0.0.3)
      railties (~> 3.1)
      warden (~> 1.1.1)
    devise-i18n (0.5.7)
    domain_name (0.5.4)
      unf (~> 0.0.3)
    erubis (2.7.0)
    every_day_irb (1.2.2)
    execjs (1.4.0)
      multi_json (~> 1.0)
    fancy_irb (0.7.2)
      paint (>= 0.8.1)
      unicode-display_width (>= 0.1.1)
    ffaker (1.12.1)
    foreman (0.59.0)
      thor (>= 0.13.6)
    g (1.7.1)
    gyoku (0.4.6)
      builder (>= 2.1.2)
    highline (1.6.11)
    hike (1.2.1)
    hirb (0.6.2)
    httparty (0.8.3)
      multi_json (~> 1.0)
      multi_xml
    httpi (1.1.1)
      rack
    i18n (0.6.1)
    interactive_editor (0.0.10)
      spoon (>= 0.0.1)
    irbtools (1.2.2)
      awesome_print (~> 1.0.2)
      boson (~> 1.1.1)
      clipboard (~> 1.0.1)
      coderay (~> 1.0.5)
      every_day_irb (>= 1.2.2)
      fancy_irb (>= 0.7.2)
      g (>= 1.5.0)
      hirb (~> 0.6.1)
      interactive_editor (>= 0.0.10)
      method_locator (>= 0.0.4)
      method_source (>= 0.7.0)
      methodfinder (>= 1.2.5)
      ori (~> 0.1.0)
      paint (>= 0.8.4)
      sketches (>= 0.1.1)
      wirb (>= 0.4.2)
      zucker (>= 12.1)
    journey (1.0.4)
    jquery-rails (2.1.2)
      railties (>= 3.1.0, < 5.0)
      thor (~> 0.14)
    jruby-pageant (1.1.1)
    json (1.7.5)
    kaminari (0.14.1)
      actionpack (>= 3.0.0)
      activesupport (>= 3.0.0)
    kgio (2.7.4)
    libv8 (3.3.10.4)
    mail (2.4.4)
      i18n (>= 0.4.0)
      mime-types (~> 1.16)
      treetop (~> 1.4.8)
    mechanize (2.5.1)
      domain_name (~> 0.5, >= 0.5.1)
      mime-types (~> 1.17, >= 1.17.2)
      net-http-digest_auth (~> 1.1, >= 1.1.1)
      net-http-persistent (~> 2.5, >= 2.5.2)
      nokogiri (~> 1.4)
      ntlm-http (~> 0.1, >= 0.1.1)
      webrobots (~> 0.0, >= 0.0.9)
    method_locator (0.0.4)
    method_source (0.8)
    methodfinder (1.2.5)
    mime-types (1.19)
    money (5.0.0)
      i18n (~> 0.4)
      json
    multi_json (1.3.6)
    multi_xml (0.5.1)
    nested_set (1.7.0)
      activerecord (>= 3.0.0)
      railties (>= 3.0.0)
    net-http-digest_auth (1.2.1)
    net-http-persistent (2.7)
    net-scp (1.0.4)
      net-ssh (>= 1.99.1)
    net-sftp (2.0.5)
      net-ssh (>= 2.0.9)
    net-ssh (2.6.0)
      jruby-pageant (>= 1.1.1)
    net-ssh-gateway (1.1.0)
      net-ssh (>= 1.99.1)
    nokogiri (1.5.5)
    nori (1.1.3)
    ntlm-http (0.1.1)
    ori (0.1.0)
    orm_adapter (0.0.7)
    paint (0.8.5)
    paperclip (2.7.0)
      activerecord (>= 2.3.0)
      activesupport (>= 2.3.2)
      cocaine (>= 0.0.2)
      mime-types
    pg (0.14.1)
    polyamorous (0.5.0)
      activerecord (~> 3.0)
    polyglot (0.3.3)
    rabl (0.6.5)
      activesupport (>= 2.3.14)
      multi_json (~> 1.0)
    rack (1.4.1)
    rack-cache (1.2)
      rack (>= 0.4)
    rack-ssl (1.3.2)
      rack
    rack-test (0.6.1)
      rack (>= 1.0)
    rails (3.2.8)
      actionmailer (= 3.2.8)
      actionpack (= 3.2.8)
      activerecord (= 3.2.8)
      activeresource (= 3.2.8)
      activesupport (= 3.2.8)
      bundler (~> 1.0)
      railties (= 3.2.8)
    rails-i18n (0.6.6)
      i18n (~> 0.5)
    railties (3.2.8)
      actionpack (= 3.2.8)
      activesupport (= 3.2.8)
      rack-ssl (~> 1.3.2)
      rake (>= 0.8.7)
      rdoc (~> 3.4)
      thor (>= 0.14.6, < 2.0)
    raindrops (0.10.0)
    rake (0.9.2.2)
    ransack (0.7.0)
      actionpack (~> 3.0)
      activerecord (~> 3.0)
      polyamorous (~> 0.5.0)
    rdoc (3.12)
      json (~> 1.4)
    rvm-capistrano (1.2.7)
      capistrano (>= 2.0.0)
    sass (3.2.1)
    sass-rails (3.2.5)
      railties (~> 3.2.0)
      sass (>= 3.1.10)
      tilt (~> 1.3)
    savon (1.2.0)
      akami (~> 1.2.0)
      builder (>= 2.1.2)
      gyoku (~> 0.4.5)
      httpi (~> 1.1.0)
      nokogiri (>= 1.4.0)
      nori (~> 1.1.0)
      wasabi (~> 2.5.0)
    select2-rails (0.0.9)
      thor (~> 0.14)
    sketches (0.1.1)
    spoon (0.0.1)
    spree (1.2.0)
      spree_api (= 1.2.0)
      spree_cmd (= 1.2.0)
      spree_core (= 1.2.0)
      spree_dash (= 1.2.0)
      spree_promo (= 1.2.0)
      spree_sample (= 1.2.0)
    spree_api (1.2.0)
      rabl (= 0.6.5)
      spree_core (= 1.2.0)
    spree_cmd (1.2.0)
      thor (>= 0.14.6)
    spree_core (1.2.0)
      activemerchant (= 1.28.0)
      acts_as_list (= 0.1.4)
      aws-sdk (~> 1.3.4)
      cancan (= 1.6.7)
      deface (>= 0.9.0)
      ffaker (~> 1.12.0)
      highline (= 1.6.11)
      jquery-rails (~> 2.0)
      kaminari (>= 0.13.0)
      money (= 5.0.0)
      nested_set (= 1.7.0)
      paperclip (~> 2.7)
      rails (~> 3.2.8)
      ransack (~> 0.7.0)
      select2-rails (= 0.0.9)
      state_machine (= 1.1.2)
      stringex (~> 1.3.2)
    spree_dash (1.2.0)
      httparty (~> 0.8.1)
      spree_core (= 1.2.0)
    spree_promo (1.2.0)
      spree_core (= 1.2.0)
    spree_sample (1.2.0)
      spree_core (= 1.2.0)
    spree_skrill (1.0.2)
      spree_core (>= 1.0.0)
    spree_usa_epay (1.0.2)
      savon
      spree_core (>= 1.0.0)
    sprockets (2.1.3)
      hike (~> 1.2)
      rack (~> 1.0)
      tilt (~> 1.1, != 1.3.0)
    state_machine (1.1.2)
    stringex (1.3.3)
    therubyracer (0.10.2)
      libv8 (~> 3.3.10)
    thor (0.16.0)
    tilt (1.3.3)
    treetop (1.4.10)
      polyglot
      polyglot (>= 0.3.1)
    tzinfo (0.3.33)
    uglifier (1.3.0)
      execjs (>= 0.3.0)
      multi_json (~> 1.0, >= 1.0.2)
    unf (0.0.5)
      unf_ext
    unf_ext (0.0.5)
    unicode-display_width (0.1.1)
    unicorn (4.3.1)
      kgio (~> 2.6)
      rack
      raindrops (~> 0.7)
    uniform_notifier (1.0.2)
    uuidtools (2.1.3)
    warden (1.1.1)
      rack (>= 1.0)
    wasabi (2.5.1)
      httpi (~> 1.0)
      nokogiri (>= 1.4.0)
    webrobots (0.0.13)
    whenever (0.7.3)
      activesupport (>= 2.3.4)
      chronic (~> 0.6.3)
    wirb (0.4.2)
    zucker (12.1)

PLATFORMS
  ruby

DEPENDENCIES
  bullet
  capistrano
  capistrano-unicorn
  coffee-rails (~> 3.2.1)
  devise-i18n
  foreman
  irbtools
  jquery-rails
  mechanize
  pg
  rails (= 3.2.8)
  rails-i18n
  rvm-capistrano
  sass-rails (~> 3.2.3)
  spree (= 1.2.0)
  spree_addings_for_rodaben!
  spree_auth_devise!
  spree_contact_us!
  spree_cycle!
  spree_i18n!
  spree_load_tires_for_rodaben!
  spree_paypal_express!
  spree_search_rodaben!
  spree_skrill
  spree_suppliers!
  spree_usa_epay
  therubyracer
  uglifier (>= 1.0.3)
  unicorn
  whenever
